GEM
  remote: https://rubygems.org/
  specs:
    i18n (0.7.0)
    motion-i18n (0.0.2)
      i18n
      motion-require
    motion-require (0.2.0)
    rake (10.4.2)

PLATFORMS
  ruby

DEPENDENCIES
  motion-i18n
  rake
