GEM
  remote: https://rubygems.org/
  specs:
    dotenv (2.0.1)
    rainbow (2.0.0)
    rake (10.4.2)

PLATFORMS
  ruby

DEPENDENCIES
  dotenv
  rainbow
  rake
