GEM
  remote: https://rubygems.org/
  specs:
    ProMotion (2.3.0)
      methadone (~> 1.7)
    i18n (0.7.0)
    methadone (1.9.0)
      bundler
    motion-i18n (0.0.2)
      i18n
      motion-require
    motion-require (0.2.0)
    rake (10.4.2)

PLATFORMS
  ruby

DEPENDENCIES
  ProMotion
  motion-i18n
  rake
